GEM
  remote: https://rubygems.org/
  specs:
    activemodel (4.2.4)
      activesupport (= 4.2.4)
      builder (~> 3.1)
    activerecord (4.2.4)
      activemodel (= 4.2.4)
      activesupport (= 4.2.4)
      arel (~> 6.0)
    activesupport (4.2.4)
      i18n (~> 0.7)
      json (~> 1.7, >= 1.7.7)
      minitest (~> 5.1)
      thread_safe (~> 0.3, >= 0.3.4)
      tzinfo (~> 1.1)
    arel (6.0.3)
    ast (2.3.0)
    backports (3.6.8)
    bcrypt (3.1.11)
    builder (3.2.2)
    diff-lcs (1.2.5)
    erubis (2.7.0)
    i18n (0.7.0)
    jdoc (0.4.2)
      activesupport
      erubis
      json_schema
      rack
      redcarpet
    json (1.8.3)
    json_schema (0.13.3)
    json_world (0.2.4)
      activesupport
      json
    minitest (5.8.1)
    multi_json (1.12.1)
    mysql2 (0.3.20)
    onkcop (0.43.0.1)
      rubocop (~> 0.43.0)
    parser (2.3.1.4)
      ast (~> 2.2)
    powerpack (0.1.1)
    rack (1.6.4)
    rack-protection (1.5.3)
      rack
    rack-test (0.6.3)
      rack (>= 1.0)
    rainbow (2.1.0)
    rake (11.3.0)
    redcarpet (3.3.3)
    rspec (3.5.0)
      rspec-core (~> 3.5.0)
      rspec-expectations (~> 3.5.0)
      rspec-mocks (~> 3.5.0)
    rspec-core (3.5.3)
      rspec-support (~> 3.5.0)
    rspec-expectations (3.5.0)
      diff-lcs (>= 1.2.0, < 2.0)
      rspec-support (~> 3.5.0)
    rspec-mocks (3.5.0)
      diff-lcs (>= 1.2.0, < 2.0)
      rspec-support (~> 3.5.0)
    rspec-support (3.5.0)
    rubocop (0.43.0)
      parser (>= 2.3.1.1, < 3.0)
      powerpack (~> 0.1)
      rainbow (>= 1.99.1, < 3.0)
      ruby-progressbar (~> 1.7)
      unicode-display_width (~> 1.0, >= 1.0.1)
    ruby-progressbar (1.8.1)
    sinatra (1.4.7)
      rack (~> 1.5)
      rack-protection (~> 1.4)
      tilt (>= 1.3, < 3)
    sinatra-activerecord (2.0.10)
      activerecord (>= 3.2)
      sinatra (~> 1.0)
    sinatra-contrib (1.4.7)
      backports (>= 2.0)
      multi_json
      rack-protection
      rack-test
      sinatra (~> 1.4.0)
      tilt (>= 1.3, < 3)
    sqlite3 (1.3.11)
    thread_safe (0.3.5)
    tilt (2.0.5)
    tzinfo (1.2.2)
      thread_safe (~> 0.1)
    unicode-display_width (1.1.1)
    will_paginate (3.0.7)

PLATFORMS
  ruby

DEPENDENCIES
  activerecord
  bcrypt
  erubis
  jdoc
  json_world
  mysql2 (~> 0.3.20)
  onkcop
  rake
  redcarpet
  rspec
  rubocop
  sinatra
  sinatra-activerecord
  sinatra-contrib
  sqlite3
  will_paginate (~> 3.0.5)

BUNDLED WITH
   1.13.1
